PATH
  remote: .
  specs:
    endicia_label_server (0.2.0)
      excon (~> 0.45, >= 0.45.3)
      insensitive_hash (~> 0.3.3)
      ox (~> 2.2, >= 2.2.0)

GEM
  remote: http://rubygems.org/
  specs:
    codeclimate-test-reporter (0.4.8)
      simplecov (>= 0.7.1, < 1.0.0)
    diff-lcs (1.2.5)
    docile (1.1.5)
    excon (0.45.4)
    faker (1.6.1)
      i18n (~> 0.5)
    i18n (0.7.0)
    insensitive_hash (0.3.3)
    json (1.8.3)
    mini_portile2 (2.0.0)
    nokogiri (1.6.7.2)
      mini_portile2 (~> 2.0.0.rc2)
    ox (2.2.4)
    rake (10.5.0)
    rspec (3.4.0)
      rspec-core (~> 3.4.0)
      rspec-expectations (~> 3.4.0)
      rspec-mocks (~> 3.4.0)
    rspec-core (3.4.2)
      rspec-support (~> 3.4.0)
    rspec-expectations (3.4.0)
      diff-lcs (>= 1.2.0, < 2.0)
      rspec-support (~> 3.4.0)
    rspec-mocks (3.4.1)
      diff-lcs (>= 1.2.0, < 2.0)
      rspec-support (~> 3.4.0)
    rspec-support (3.4.1)
    rspec-xsd (0.1.0)
      nokogiri (~> 1.6)
      rspec (~> 3)
    simplecov (0.11.2)
      docile (~> 1.1.0)
      json (~> 1.8)
      simplecov-html (~> 0.10.0)
    simplecov-html (0.10.0)

PLATFORMS
  ruby

DEPENDENCIES
  codeclimate-test-reporter
  endicia_label_server!
  faker
  rake
  rspec
  rspec-xsd

BUNDLED WITH
   1.11.2
